GEM
  remote: http://rubygems.org/
  specs:
    anvl (0.1.0)
    checkm (0.0.4)
    git (1.2.5)
    i18n (0.4.1)
    jeweler (1.5.1)
      bundler (~> 1.0.0)
      git (>= 1.2.5)
      rake
    lockit (0.0.0)
    namaste (0.0.0)
      i18n
    rake (0.8.7)
    rcov (0.9.9)
    shoulda (2.11.3)

PLATFORMS
  ruby

DEPENDENCIES
  anvl
  bundler (~> 1.0.0)
  checkm
  i18n
  jeweler (~> 1.5.1)
  lockit
  namaste
  rcov
  shoulda
